GEM
  remote: https://rubygems.org/
  specs:
    chunky_png (1.3.8)
    compass (0.12.2)
      chunky_png (~> 1.2)
      fssm (>= 0.2.7)
      sass (~> 3.1)
    fssm (0.2.10)
    rake (12.0.0)
    sass (3.3.0)
      rake

PLATFORMS
  ruby

DEPENDENCIES
  compass
  sass (= 3.3.0)

RUBY VERSION
   ruby 2.3.3p222

BUNDLED WITH
   1.13.7
